GEM
  remote: https://www.rubygems.org/
  specs:
    erubis (2.7.0)
    json (2.1.0)
    pg (0.21.0)
    rack (2.0.3)
    sequel (5.1.0)
    shotgun (0.9.2)
      rack (>= 1.0)

PLATFORMS
  ruby

DEPENDENCIES
  erubis
  json
  pg
  rack
  sequel
  shotgun

BUNDLED WITH
   1.15.3
